GEM
  remote: https://rubygems.org/
  specs:
    addressable (2.8.6)
      public_suffix (>= 2.0.2, < 6.0)
    json-schema (4.3.0)
      addressable (>= 2.8)
    public_suffix (5.0.5)

PLATFORMS
  arm64-darwin-21
  x86_64-linux

DEPENDENCIES
  json-schema

BUNDLED WITH
   2.4.14
